Brain Vision Data Exchange Header File Version 1.0
; Data created by the Vision Recorder

[Common Infos]
Codepage=UTF-8
DataFile=sample_data.eeg
MarkerFile=sample_data.vmrk
DataFormat=BINARY
; Data orientation: MULTIPLEXED=ch1,pt1, ch2,pt1 ...
DataOrientation=MULTIPLEXED
NumberOfChannels=64
; Sampling interval in microseconds
SamplingInterval=2000

[Binary Infos]
BinaryFormat=INT_16

[Channel Infos]
; Each entry: Ch<Channel number>=<Name>,<Reference channel name>,
; <Resolution in "Unit">,<Unit>, Future extensions..
; Fields are delimited by commas, some fields might be omitted (empty).
; Commas in channel names are coded as "\1".
Ch1=Fp1,,0.1,µV
Ch2=Fp2,,0.1,µV
Ch3=F3,,0.1,µV
Ch4=F4,,0.1,µV
Ch5=C3,,0.1,µV
Ch6=C4,,0.1,µV
Ch7=P3,,0.1,µV
Ch8=P4,,0.1,µV
Ch9=O1,,0.1,µV
Ch10=O2,,0.1,µV
Ch11=F7,,0.1,µV
Ch12=F8,,0.1,µV
Ch13=T7,,0.1,µV
Ch14=T8,,0.1,µV
Ch15=P7,,0.1,µV
Ch16=P8,,0.1,µV
Ch17=Fz,,0.1,µV
Ch18=Cz,,0.1,µV
Ch19=Pz,,0.1,µV
Ch20=Iz,,0.1,µV
Ch21=FC1,,0.1,µV
Ch22=FC2,,0.1,µV
Ch23=CP1,,0.1,µV
Ch24=CP2,,0.1,µV
Ch25=FC5,,0.1,µV
Ch26=FC6,,0.1,µV
Ch27=CP5,,0.1,µV
Ch28=CP6,,0.1,µV
Ch29=TP9,,0.1,µV
Ch30=TP10,,0.1,µV
Ch31=F1,,0.1,µV
Ch32=F2,,0.1,µV
Ch33=C1,,0.1,µV
Ch34=C2,,0.1,µV
Ch35=P1,,0.1,µV
Ch36=P2,,0.1,µV
Ch37=AF3,,0.1,µV
Ch38=AF4,,0.1,µV
Ch39=FC3,,0.1,µV
Ch40=FC4,,0.1,µV
Ch41=CP3,,0.1,µV
Ch42=CP4,,0.1,µV
Ch43=PO3,,0.1,µV
Ch44=PO4,,0.1,µV
Ch45=F5,,0.1,µV
Ch46=F6,,0.1,µV
Ch47=C5,,0.1,µV
Ch48=C6,,0.1,µV
Ch49=P5,,0.1,µV
Ch50=P6,,0.1,µV
Ch51=AF7,,0.1,µV
Ch52=AF8,,0.1,µV
Ch53=FT7,,0.1,µV
Ch54=FT8,,0.1,µV
Ch55=TP7,,0.1,µV
Ch56=TP8,,0.1,µV
Ch57=PO7,,0.1,µV
Ch58=PO8,,0.1,µV
Ch59=FPz,,0.1,µV
Ch60=CPz,,0.1,µV
Ch61=POz,,0.1,µV
Ch62=Oz,,0.1,µV
Ch63=HRli,,0.1,µV
Ch64=HRre,,0.1,µV

[Comment]

BrainVision Recorder Professional   -   V. 1.21.0303


A m p l i f i e r  S e t u p
============================
Number of channels: 64
Sampling Rate [Hz]: 500
Sampling Interval [µS]: 2000

Channels
--------
#     Name      Phys. Chn.    Resolution / Unit   Low Cutoff [s]   High Cutoff [Hz]   Notch [Hz]    Series Res. [kOhm] Gradient         Offset
1     Fp1         1                0.1 µV             10             1000              Off                0                 
2     Fp2         2                0.1 µV             10             1000              Off                0                 
3     F3          3                0.1 µV             10             1000              Off                0                 
4     F4          4                0.1 µV             10             1000              Off                0                 
5     C3          5                0.1 µV             10             1000              Off                0                 
6     C4          6                0.1 µV             10             1000              Off                0                 
7     P3          7                0.1 µV             10             1000              Off                0                 
8     P4          8                0.1 µV             10             1000              Off                0                 
9     O1          9                0.1 µV             10             1000              Off                0                 
10    O2          10               0.1 µV             10             1000              Off                0                 
11    F7          11               0.1 µV             10             1000              Off                0                 
12    F8          12               0.1 µV             10             1000              Off                0                 
13    T7          13               0.1 µV             10             1000              Off                0                 
14    T8          14               0.1 µV             10             1000              Off                0                 
15    P7          15               0.1 µV             10             1000              Off                0                 
16    P8          16               0.1 µV             10             1000              Off                0                 
17    Fz          17               0.1 µV             10             1000              Off                0                 
18    Cz          18               0.1 µV             10             1000              Off                0                 
19    Pz          19               0.1 µV             10             1000              Off                0                 
20    Iz          20               0.1 µV             10             1000              Off                0                 
21    FC1         21               0.1 µV             10             1000              Off                0                 
22    FC2         22               0.1 µV             10             1000              Off                0                 
23    CP1         23               0.1 µV             10             1000              Off                0                 
24    CP2         24               0.1 µV             10             1000              Off                0                 
25    FC5         25               0.1 µV             10             1000              Off                0                 
26    FC6         26               0.1 µV             10             1000              Off                0                 
27    CP5         27               0.1 µV             10             1000              Off                0                 
28    CP6         28               0.1 µV             10             1000              Off                0                 
29    TP9         29               0.1 µV             10             1000              Off                0                 
30    TP10        30               0.1 µV             10             1000              Off                0                 
31    F1          33               0.1 µV             10             1000              Off                0                 
32    F2          34               0.1 µV             10             1000              Off                0                 
33    C1          35               0.1 µV             10             1000              Off                0                 
34    C2          36               0.1 µV             10             1000              Off                0                 
35    P1          37               0.1 µV             10             1000              Off                0                 
36    P2          38               0.1 µV             10             1000              Off                0                 
37    AF3         39               0.1 µV             10             1000              Off                0                 
38    AF4         40               0.1 µV             10             1000              Off                0                 
39    FC3         41               0.1 µV             10             1000              Off                0                 
40    FC4         42               0.1 µV             10             1000              Off                0                 
41    CP3         43               0.1 µV             10             1000              Off                0                 
42    CP4         44               0.1 µV             10             1000              Off                0                 
43    PO3         45               0.1 µV             10             1000              Off                0                 
44    PO4         46               0.1 µV             10             1000              Off                0                 
45    F5          47               0.1 µV             10             1000              Off                0                 
46    F6          48               0.1 µV             10             1000              Off                0                 
47    C5          49               0.1 µV             10             1000              Off                0                 
48    C6          50               0.1 µV             10             1000              Off                0                 
49    P5          51               0.1 µV             10             1000              Off                0                 
50    P6          52               0.1 µV             10             1000              Off                0                 
51    AF7         53               0.1 µV             10             1000              Off                0                 
52    AF8         54               0.1 µV             10             1000              Off                0                 
53    FT7         55               0.1 µV             10             1000              Off                0                 
54    FT8         56               0.1 µV             10             1000              Off                0                 
55    TP7         57               0.1 µV             10             1000              Off                0                 
56    TP8         58               0.1 µV             10             1000              Off                0                 
57    PO7         59               0.1 µV             10             1000              Off                0                 
58    PO8         60               0.1 µV             10             1000              Off                0                 
59    FPz         61               0.1 µV             10             1000              Off                0                 
60    CPz         62               0.1 µV             10             1000              Off                0                 
61    POz         63               0.1 µV             10             1000              Off                0                 
62    Oz          64               0.1 µV             10             1000              Off                0                 
63    HRli        31               0.1 µV             10             1000              Off                0                 
64    HRre        32               0.1 µV             10             1000              Off                0                 

S o f t w a r e  F i l t e r s
==============================
Disabled


Data Electrodes Selected Impedance Measurement Range: 0 - 10 kOhm
Impedance [kOhm] at 16:14:28 :
Fp1:          1
Fp2:          2
F3:           2
F4:           3
C3:           4
C4:           2
P3:           2
P4:           3
O1:           2
O2:           2
F7:           3
F8:           2
T7:           3
T8:           3
P7:           2
P8:           3
Fz:           4
Cz:           4
Pz:           3
Iz:           5
FC1:          0
FC2:          2
CP1:          4
CP2:          4
FC5:          1
FC6:          2
CP5:          3
CP6:          3
TP9:          3
TP10:         4
F1:           1
F2:           3
C1:           2
C2:           4
P1:           4
P2:           3
AF3:          1
AF4:          4
FC3:          3
FC4:          3
CP3:          3
CP4:          3
PO3:          4
PO4:          3
F5:           2
F6:           4
C5:           3
C6:           4
P5:           3
P6:           4
AF7:          1
AF8:          3
FT7:          3
FT8:          3
TP7:          4
TP8:          4
PO7:          5
PO8:          4
FPz:          2
CPz:          3
POz:          3
Oz:           2
HRli:        24
HRre:        69
Ref:          3
Gnd:          1
